GEM
  specs:
    backports (3.10.3)
    builder (3.2.3)
    childprocess (0.8.0)
      ffi (~> 1.0, >= 1.0.11)
    chunky_png (1.3.8)
    cucumber (3.1.0)
      builder (>= 2.1.2)
      cucumber-core (~> 3.1.0)
      cucumber-expressions (~> 5.0.4)
      cucumber-wire (~> 0.0.1)
      diff-lcs (~> 1.3)
      gherkin (~> 5.0)
      multi_json (>= 1.7.5, < 2.0)
      multi_test (>= 0.1.2)
    cucumber-core (3.1.0)
      backports (>= 3.8.0)
      cucumber-tag_expressions (~> 1.1.0)
      gherkin (>= 5.0.0)
    cucumber-expressions (5.0.7)
    cucumber-tag_expressions (1.1.1)
    cucumber-wire (0.0.1)
    diff-lcs (1.3)
    ffi (1.9.18-x64-mingw32)
    gherkin (5.0.0)
    imatcher (0.1.9)
      chunky_png (~> 1.3.5)
    multi_json (1.12.2)
    multi_test (0.1.2)
    parallel (1.12.0)
    parallel_tests (2.19.0)
      parallel
    redcard (1.1.0)
    rspec (3.7.0)
      rspec-core (~> 3.7.0)
      rspec-expectations (~> 3.7.0)
      rspec-mocks (~> 3.7.0)
    rspec-core (3.7.0)
      rspec-support (~> 3.7.0)
    rspec-expectations (3.7.0)
      diff-lcs (>= 1.2.0, < 2.0)
      rspec-support (~> 3.7.0)
    rspec-mocks (3.7.0)
      diff-lcs (>= 1.2.0, < 2.0)
      rspec-support (~> 3.7.0)
    rspec-support (3.7.0)
    rubysl-win32ole (0.0.1)
      redcard (~> 1.0)
    rubyzip (1.2.1)
    selenium-webdriver (3.7.0)
      childprocess (~> 0.5)
      rubyzip (~> 1.0)
    watir (6.9.1)
      selenium-webdriver (~> 3.4, >= 3.4.1)
    watir-extensions-element-screenshot (0.0.3)
      chunky_png
      watir-webdriver
    watir-scroll (0.3.0)
      watir (>= 6.0)
    watir-webdriver (0.9.9)
      selenium-webdriver (>= 2.46.2)

PLATFORMS
  x64-mingw32

DEPENDENCIES
  chunky_png
  cucumber
  imatcher
  parallel_tests
  rspec
  rubysl-win32ole
  selenium-webdriver
  watir
  watir-extensions-element-screenshot
  watir-scroll

BUNDLED WITH
   1.16.0
